PATH
  remote: .
  specs:
    aye_commander (0.1.0)

GEM
  remote: https://rubygems.org/
  specs:
    diff-lcs (1.2.5)
    rspec (3.5.0)
      rspec-core (~> 3.5.0)
      rspec-expectations (~> 3.5.0)
      rspec-mocks (~> 3.5.0)
    rspec-core (3.5.2)
      rspec-support (~> 3.5.0)
    rspec-expectations (3.5.0)
      diff-lcs (>= 1.2.0, < 2.0)
      rspec-support (~> 3.5.0)
    rspec-mocks (3.5.0)
      diff-lcs (>= 1.2.0, < 2.0)
      rspec-support (~> 3.5.0)
    rspec-rainbow (0.2.1)
      rspec (>= 2.14.0, < 4)
    rspec-support (3.5.0)

PLATFORMS
  ruby

DEPENDENCIES
  aye_commander!
  rspec
  rspec-rainbow

BUNDLED WITH
   1.12.5
